PATH
  remote: ~/sandbox/gooddata-bricks
  specs:
    gooddata-bricks-poc (0.0.1)
      gooddata
      rest-client

GEM
  remote: https://rubygems.org/
  specs:
    coderay (1.0.9)
    gooddata (0.5.16)
      json
      json_pure
      parseconfig
      rest-client
      rubyzip (< 1.0.0)
    json (1.8.1)
    json_pure (1.8.1)
    method_source (0.8.2)
    mime-types (2.0)
    parseconfig (1.0.2)
    pry (0.9.12.2)
      coderay (~> 1.0.5)
      method_source (~> 0.8)
      slop (~> 3.4)
    rest-client (1.6.7)
      mime-types (>= 1.16)
    rubyzip (0.9.9)
    slop (3.4.6)

PLATFORMS
  ruby

DEPENDENCIES
  gooddata-bricks-poc!
  pry
